PATH
  remote: .
  specs:
    green-button-data (0.1.0)
      ox (~> 2.2)
      sax-machine (~> 1.3)

GEM
  remote: https://rubygems.org/
  specs:
    ox (2.2.0)
    sax-machine (1.3.2)

PLATFORMS
  ruby

DEPENDENCIES
  green-button-data!
